PATH
  remote: .
  specs:
    spcala_pets (0.1.0)
      colorize
      nokogiri

GEM
  remote: https://rubygems.org/
  specs:
    colorize (0.8.1)
    mini_portile2 (2.4.0)
    nokogiri (1.10.4)
      mini_portile2 (~> 2.4.0)
    rake (13.0.1)

PLATFORMS
  ruby

DEPENDENCIES
  bundler (~> 2.0)
  rake (>= 12.3.3)
  spcala_pets!

BUNDLED WITH
   2.0.2
